PATH
  remote: .
  specs:
    broach (0.2.1)
      multi_json (~> 1.7)
      nap (~> 0.5)

GEM
  remote: http://rubygems.org/
  specs:
    active_support (3.0.0)
      activesupport (= 3.0.0)
    activesupport (3.0.0)
    bacon (1.2.0)
    facon (0.5.0)
    multi_json (1.7.2)
    nap (0.5.1)
    rake (10.0.4)

PLATFORMS
  ruby

DEPENDENCIES
  active_support
  bacon
  broach!
  facon
  rake
